GEM
  remote: https://rubygems.org/
  specs:
    airbrussh (1.4.1)
      sshkit (>= 1.6.1, != 1.7.0)
    capistrano (3.17.1)
      airbrussh (>= 1.0.0)
      i18n
      rake (>= 10.0.0)
      sshkit (>= 1.9.0)
    capistrano-git-copy (1.5.6)
      capistrano (>= 3.7.0, < 4.0.0)
    capistrano-npm (1.0.3)
      capistrano (>= 3.0.0)
    capistrano3-git-push (0.1.1)
      capistrano (~> 3.1, >= 3.1.0)
    concurrent-ruby (1.1.10)
    i18n (1.12.0)
      concurrent-ruby (~> 1.0)
    net-scp (1.2.1)
      net-ssh (>= 2.6.5)
    net-ssh (7.0.1)
    rake (13.0.6)
    sshkit (1.21.2)
      net-scp (>= 1.1.2)
      net-ssh (>= 2.8.0)

PLATFORMS
  ruby

DEPENDENCIES
  capistrano
  capistrano-git-copy
  capistrano-npm
  capistrano3-git-push

RUBY VERSION
   ruby 2.7.2p137

BUNDLED WITH
   2.1.4
